PATH
  remote: .
  specs:
    ost-sdk-ruby (0.0.1)

GEM
  remote: https://rubygems.org/
  specs:
    rake (10.5.0)

PLATFORMS
  ruby

DEPENDENCIES
  bundler (~> 1.6)
  ost-sdk-ruby!
  rake
